GEM
  remote: https://rubygems.org/
  specs:
    date (3.2.2)
    json (2.6.1)
    mustermann (1.1.1)
      ruby2_keywords (~> 0.0.1)
    open-uri (0.2.0)
      stringio
      time
      uri
    rack (2.2.3)
    rack-protection (2.2.0)
      rack
    ruby2_keywords (0.0.5)
    sinatra (2.2.0)
      mustermann (~> 1.0)
      rack (~> 2.2)
      rack-protection (= 2.2.0)
      tilt (~> 2.0)
    stringio (3.0.1)
    tilt (2.0.10)
    time (0.2.0)
      date
    uri (0.11.0)

PLATFORMS
  x86_64-linux

DEPENDENCIES
  json
  open-uri
  sinatra

BUNDLED WITH
   2.2.28
